PATH
  remote: .
  specs:
    rowdy (0.1.0)

GEM
  remote: https://rubygems.org/
  specs:
    ast (2.4.2)
    diff-lcs (1.5.0)
    json (2.6.3)
    language_server-protocol (3.17.0.2)
    parallel (1.22.1)
    parser (3.2.0.0)
      ast (~> 2.4.1)
    rainbow (3.1.1)
    rake (13.0.6)
    regexp_parser (2.7.0)
    rexml (3.2.5)
    rspec (3.12.0)
      rspec-core (~> 3.12.0)
      rspec-expectations (~> 3.12.0)
      rspec-mocks (~> 3.12.0)
    rspec-core (3.12.1)
      rspec-support (~> 3.12.0)
    rspec-expectations (3.12.2)
      diff-lcs (>= 1.2.0, < 2.0)
      rspec-support (~> 3.12.0)
    rspec-mocks (3.12.3)
      diff-lcs (>= 1.2.0, < 2.0)
      rspec-support (~> 3.12.0)
    rspec-support (3.12.0)
    rubocop (1.42.0)
      json (~> 2.3)
      parallel (~> 1.10)
      parser (>= 3.1.2.1)
      rainbow (>= 2.2.2, < 4.0)
      regexp_parser (>= 1.8, < 3.0)
      rexml (>= 3.2.5, < 4.0)
      rubocop-ast (>= 1.24.1, < 2.0)
      ruby-progressbar (~> 1.7)
      unicode-display_width (>= 1.4.0, < 3.0)
    rubocop-ast (1.24.1)
      parser (>= 3.1.1.0)
    rubocop-performance (1.15.2)
      rubocop (>= 1.7.0, < 2.0)
      rubocop-ast (>= 0.4.0)
    ruby-progressbar (1.11.0)
    standard (1.22.0)
      language_server-protocol (~> 3.17.0.2)
      rubocop (= 1.42.0)
      rubocop-performance (= 1.15.2)
    unicode-display_width (2.4.2)

PLATFORMS
  arm64-darwin-22

DEPENDENCIES
  rake (~> 13.0)
  rowdy!
  rspec (~> 3.0)
  standard (~> 1.3)

BUNDLED WITH
   2.4.1
